GEM
  remote: https://rubygems.org/
  specs:
    blend-mode (0.0.1)
      compass (~> 0.12)
    breakpoint (2.0.2)
      compass (>= 0.12.1)
      sass (>= 3.2.0)
    chunky_png (1.2.8)
    coderay (1.0.9)
    color-schemer (0.2.3)
      blend-mode (~> 0.0.1)
      compass (~> 0.12)
    compass (0.12.2)
      chunky_png (~> 1.2)
      fssm (>= 0.2.7)
      sass (~> 3.1)
    compass-normalize (1.4.3)
      compass (>= 0.12.0)
    em-websocket (0.5.0)
      eventmachine (>= 0.12.9)
      http_parser.rb (~> 0.5.3)
    eventmachine (1.0.3)
    ffi (1.7.0)
    formatador (0.2.4)
    fssm (0.2.10)
    guard (1.8.0)
      formatador (>= 0.2.4)
      listen (>= 1.0.0)
      lumberjack (>= 1.0.2)
      pry (>= 0.9.10)
      thor (>= 0.14.6)
    guard-compass (0.0.6)
      compass (>= 0.10.5)
      guard (>= 0.2.1)
    guard-livereload (1.2.1)
      em-websocket (>= 0.2.0)
      guard (>= 1.5.0)
      multi_json (~> 1.0)
    http_parser.rb (0.5.3)
    listen (1.0.0)
      rb-fsevent (>= 0.9.3)
      rb-inotify (>= 0.9)
      rb-kqueue (>= 0.2)
    lumberjack (1.0.3)
    method_source (0.8.1)
    modular-scale (1.0.6)
      compass (>= 0.12.1)
      sass (>= 3.2.0)
      sassy-math (>= 1.5)
    multi_json (1.7.2)
    pry (0.9.12)
      coderay (~> 1.0.5)
      method_source (~> 0.8)
      slop (~> 3.4)
    rb-fsevent (0.9.3)
    rb-inotify (0.9.0)
      ffi (>= 0.5.0)
    rb-kqueue (0.2.0)
      ffi (>= 0.5.0)
    sass (3.2.7)
    sassy-buttons (0.1.4)
      compass (>= 0.12.2)
      sass (>= 3.2.0)
    sassy-math (1.5)
      compass (~> 0.11)
    sassy-strings (0.3.1)
      compass (>= 0.12.2)
    singularity-extras (0.0.3)
      modular-scale (>= 1.0.6)
      sassy-math (>= 1.5)
      singularitygs (>= 0.0.1)
    singularitygs (1.0.7)
      breakpoint (>= 2.0.1)
      compass (>= 0.12.2)
      sass (>= 3.2.1)
    slop (3.4.4)
    thor (0.18.1)
    toolkit (1.0.0)
      breakpoint (>= 2.0.2)
      color-schemer (>= 0.2.3)
      compass (>= 0.12.2)
      sassy-strings (>= 0.1)
      singularitygs (>= 1.0.7)
    yajl-ruby (1.1.0)

PLATFORMS
  ruby

DEPENDENCIES
  breakpoint (>= 2.0.1)
  color-schemer (>= 0.2.3)
  compass-normalize (>= 1.4.3)
  guard-compass
  guard-livereload
  modular-scale (>= 1.0.6)
  rb-fsevent
  sassy-buttons (>= 0.1.4)
  singularity-extras (>= 0.0.3)
  singularitygs (>= 1.0.7)
  toolkit (>= 1.0.0)
  yajl-ruby
